GEM
  remote: https://rubygems.org/
  specs:
    aws-sdk (2.10.24)
      aws-sdk-resources (= 2.10.24)
    aws-sdk-core (2.10.24)
      aws-sigv4 (~> 1.0)
      jmespath (~> 1.0)
    aws-sdk-resources (2.10.24)
      aws-sdk-core (= 2.10.24)
    aws-sigv4 (1.0.1)
    coderay (1.1.1)
    colorize (0.8.1)
    ffi (1.11.1)
    formatador (0.2.5)
    guard (2.14.1)
      formatador (>= 0.2.4)
      listen (>= 2.7, < 4.0)
      lumberjack (~> 1.0)
      nenv (~> 0.1)
      notiffany (~> 0.0)
      pry (>= 0.9.12)
      shellany (~> 0.0)
      thor (>= 0.18.1)
    guard-cloudformation (0.0.3)
      colorize
      guard
    guard-compat (1.2.1)
    guard-lono (1.0.1)
      colorize
      guard
      guard-compat
    hashie (3.5.6)
    jmespath (1.3.1)
    json (2.1.0)
    listen (3.1.5)
      rb-fsevent (~> 0.9, >= 0.9.4)
      rb-inotify (~> 0.9, >= 0.9.7)
      ruby_dep (~> 1.2)
    lono (2.1.0)
      aws-sdk
      colorize
      guard
      guard-cloudformation
      guard-lono
      hashie
      json
      rb-fsevent
      thor
    lumberjack (1.0.12)
    method_source (0.8.2)
    nenv (0.3.0)
    notiffany (0.1.1)
      nenv (~> 0.1)
      shellany (~> 0.0)
    pry (0.10.4)
      coderay (~> 1.1.0)
      method_source (~> 0.8.1)
      slop (~> 3.4)
    rb-fsevent (0.10.2)
    rb-inotify (0.9.10)
      ffi (>= 0.5.0, < 2)
    ruby_dep (1.5.0)
    shellany (0.0.1)
    slop (3.6.0)
    thor (0.19.4)

PLATFORMS
  ruby

DEPENDENCIES
  lono

BUNDLED WITH
   1.15.3
